GEM
  remote: http://rubygems.org/
  specs:
    addressable (2.1.1)
    bcrypt-ruby (2.1.2)
    broach (0.1.4)
      nap (>= 0.3)
    builder (2.1.2)
    cucumber (0.8.5)
      builder (~> 2.1.2)
      diff-lcs (~> 1.1.2)
      gherkin (~> 2.1.4)
      json_pure (~> 1.4.3)
      term-ansicolor (~> 1.0.4)
    daemons (1.1.0)
    data_objects (0.10.2)
      addressable (~> 2.1)
    diff-lcs (1.1.2)
    dm-aggregates (1.0.0)
      dm-core (~> 1.0.0)
    dm-core (1.0.0)
      addressable (~> 2.1)
      extlib (~> 0.9.15)
    dm-do-adapter (1.0.0)
      data_objects (~> 0.10.1)
      dm-core (~> 1.0.0)
    dm-migrations (1.0.0)
      dm-core (~> 1.0.0)
    dm-postgres-adapter (1.0.0)
      dm-do-adapter (~> 1.0.0)
      do_postgres (~> 0.10.2)
    dm-sqlite-adapter (1.0.0)
      dm-do-adapter (~> 1.0.0)
      do_sqlite3 (~> 0.10.2)
    dm-timestamps (1.0.0)
      dm-core (~> 1.0.0)
    dm-types (1.0.0)
      dm-core (~> 1.0.0)
      fastercsv (~> 1.5.3)
      json_pure (~> 1.4.3)
      stringex (~> 1.1.0)
      uuidtools (~> 2.1.1)
    dm-validations (1.0.0)
      dm-core (~> 1.0.0)
    do_postgres (0.10.2)
      data_objects (= 0.10.2)
    do_sqlite3 (0.10.2)
      data_objects (= 0.10.2)
    eventmachine (0.12.10)
    extlib (0.9.15)
    fastercsv (1.5.3)
    gherkin (2.1.5)
      trollop (~> 1.16.2)
    haml (2.2.17)
    json (1.1.9)
    json_pure (1.4.6)
    nap (0.4)
    pg (0.9.0)
    rack (1.2.1)
    rake (0.8.7)
    rspec (2.0.0.beta.22)
      rspec-core (= 2.0.0.beta.22)
      rspec-expectations (= 2.0.0.beta.22)
      rspec-mocks (= 2.0.0.beta.22)
    rspec-core (2.0.0.beta.22)
    rspec-expectations (2.0.0.beta.22)
      diff-lcs (>= 1.1.2)
    rspec-mocks (2.0.0.beta.22)
      rspec-core (= 2.0.0.beta.22)
      rspec-expectations (= 2.0.0.beta.22)
    sinatra (1.0)
      rack (>= 1.0)
    sinatra-authorization (1.0.0)
      sinatra (>= 0.9.1.1)
    stringex (1.1.0)
    term-ansicolor (1.0.5)
    thin (1.2.7)
      daemons (>= 1.0.9)
      eventmachine (>= 0.12.6)
      rack (>= 1.0.0)
    thor (0.9.9)
    trollop (1.16.2)
    uuidtools (2.1.1)

PLATFORMS
  ruby

DEPENDENCIES
  addressable (= 2.1.1)
  bcrypt-ruby (= 2.1.2)
  broach
  cucumber
  data_objects (= 0.10.2)
  dm-aggregates (= 1.0.0)
  dm-core (= 1.0.0)
  dm-migrations (= 1.0.0)
  dm-postgres-adapter (= 1.0.0)
  dm-sqlite-adapter (= 1.0.0)
  dm-timestamps (= 1.0.0)
  dm-types (= 1.0.0)
  dm-validations (= 1.0.0)
  do_postgres (= 0.10.2)
  do_sqlite3 (= 0.10.2)
  extlib (= 0.9.15)
  haml (= 2.2.17)
  json (= 1.1.9)
  nap
  pg
  rake
  rspec (~> 2.0.0.beta.17)
  sinatra (= 1.0.0)
  sinatra-authorization (= 1.0.0)
  thin
  thor (= 0.9.9)
  uuidtools (= 2.1.1)
