GIT
  remote: git://github.com/dkastner/delayed_job
  revision: 996fe4eb2661eb84de624f52f6d980adc669115a
  specs:
    delayed_job (2.1.4)
      activesupport (~> 3.0)
      daemons

GEM
  remote: http://rubygems.org/
  specs:
    ParseTree (3.0.7)
      RubyInline (>= 3.7.0)
      sexp_processor (>= 3.0.0)
    RubyInline (3.9.0)
      ZenTest (~> 4.3)
    ZenTest (4.5.0)
    activesupport (3.0.5)
    addressable (2.1.1)
    ansi (1.2.2)
    bcat (0.5.0)
      rack
    bcrypt-ruby (2.1.2)
    broach (0.2.0)
      nap (>= 0.3)
    bunny (0.6.0)
    contest (0.1.2)
    crack (0.1.8)
    daemons (1.1.0)
    data_objects (0.10.2)
      addressable (~> 2.1)
    delayed_job_data_mapper (1.0.0.rc)
      delayed_job (~> 2.1)
      dm-aggregates
      dm-core
      dm-observer
    dm-aggregates (1.0.0)
      dm-core (~> 1.0.0)
    dm-core (1.0.0)
      addressable (~> 2.1)
      extlib (~> 0.9.15)
    dm-do-adapter (1.0.0)
      data_objects (~> 0.10.1)
      dm-core (~> 1.0.0)
    dm-migrations (1.0.0)
      dm-core (~> 1.0.0)
    dm-mysql-adapter (1.0.0)
      dm-do-adapter (~> 1.0.0)
      do_mysql (~> 0.10.2)
    dm-observer (1.0.0)
      dm-core (~> 1.0.0)
    dm-sqlite-adapter (1.0.0)
      dm-do-adapter (~> 1.0.0)
      do_sqlite3 (~> 0.10.2)
    dm-sweatshop (1.0.0)
      dm-core (~> 1.0.0)
      randexp (~> 0.1.5)
    dm-timestamps (1.0.0)
      dm-core (~> 1.0.0)
    dm-types (1.0.0)
      dm-core (~> 1.0.0)
      fastercsv (~> 1.5.3)
      json_pure (~> 1.4.3)
      stringex (~> 1.1.0)
      uuidtools (~> 2.1.1)
    dm-validations (1.0.0)
      dm-core (~> 1.0.0)
    do_mysql (0.10.2)
      data_objects (= 0.10.2)
    do_sqlite3 (0.10.2)
      data_objects (= 0.10.2)
    eventmachine (0.12.10)
    extlib (0.9.15)
    fastercsv (1.5.4)
    haml (2.2.17)
    hpricot (0.8.4)
    i18n (0.5.0)
    json (1.1.9)
    json_pure (1.4.6)
    mailfactory (1.4.0)
      mime-types (>= 1.13.1)
    mime-types (1.16)
    mocha (0.9.12)
    mysql (2.8.1)
    nap (0.4)
    nokogiri (1.4.4)
    rack (1.2.1)
    rack-test (0.5.0)
    rake (0.8.7)
    randexp (0.1.5)
      ParseTree
    redgreen (1.2.2)
    rr (1.0.2)
    rumbster (1.0.0)
    sexp_processor (3.0.5)
    shout-bot (0.0.4)
      addressable
    sinatra (1.0)
      rack (>= 1.0)
    sinatra-authorization (1.0.0)
      sinatra (>= 0.9.1.1)
    sinatra-ditties (0.0.2)
      mailfactory (>= 1.4.0)
      sinatra (>= 0.3.2)
      tlsmail
    sqlite3 (1.3.3)
    sqlite3-ruby (1.3.3)
      sqlite3 (>= 1.3.3)
    stringex (1.1.0)
    thin (1.2.8)
      daemons (>= 1.0.9)
      eventmachine (>= 0.12.6)
      rack (>= 1.0.0)
    thor (0.9.9)
    tlsmail (0.0.1)
    turn (0.8.1)
      ansi (>= 1.2.2)
    uuidtools (2.1.1)
    webmock (1.3.5)
      addressable (>= 2.1.1)
      crack (>= 0.1.7)
    webrat (0.6.0)
      nokogiri (>= 1.2.0)
      rack (>= 1.0)

PLATFORMS
  ruby

DEPENDENCIES
  ParseTree
  addressable (= 2.1.1)
  bcat (~> 0.5)
  bcrypt-ruby (= 2.1.2)
  broach
  bunny
  contest
  data_objects (= 0.10.2)
  delayed_job!
  delayed_job_data_mapper (= 1.0.0.rc)
  dm-aggregates (= 1.0.0)
  dm-core (= 1.0.0)
  dm-migrations (= 1.0.0)
  dm-mysql-adapter (= 1.0.0)
  dm-sqlite-adapter (= 1.0.0)
  dm-sweatshop
  dm-timestamps (= 1.0.0)
  dm-types (= 1.0.0)
  dm-validations (= 1.0.0)
  extlib (= 0.9.15)
  haml (= 2.2.17)
  hpricot
  i18n
  json (= 1.1.9)
  mocha
  mysql
  nap
  nokogiri
  rack-test (= 0.5.0)
  rake
  randexp
  redgreen
  rr
  rumbster
  shout-bot
  sinatra (= 1.0.0)
  sinatra-authorization (= 1.0.0)
  sinatra-ditties
  sqlite3-ruby
  thin
  thor (= 0.9.9)
  turn
  uuidtools (= 2.1.1)
  webmock
  webrat
