GEM
  remote: http://rubygems.org/
  specs:
    ParseTree (3.0.6)
      RubyInline (>= 3.7.0)
      sexp_processor (>= 3.0.0)
    RubyInline (3.8.6)
      ZenTest (~> 4.3)
    ZenTest (4.4.0)
    addressable (2.1.1)
    ansi (1.2.2)
    bcat (0.5.2)
      rack (< 1.2)
    bcrypt-ruby (2.1.2)
    broach (0.1.4)
      nap (>= 0.3)
    builder (2.1.2)
    bunny (0.6.0)
    columnize (0.3.1)
    contest (0.1.2)
    crack (0.1.8)
    cucumber (0.8.5)
      builder (~> 2.1.2)
      diff-lcs (~> 1.1.2)
      gherkin (~> 2.1.4)
      json_pure (~> 1.4.3)
      term-ansicolor (~> 1.0.4)
    daemons (1.1.0)
    data_objects (0.10.2)
      addressable (~> 2.1)
    delayed_job (2.0.3)
      daemons
    diff-lcs (1.1.2)
    dm-aggregates (1.0.0)
      dm-core (~> 1.0.0)
    dm-core (1.0.0)
      addressable (~> 2.1)
      extlib (~> 0.9.15)
    dm-do-adapter (1.0.0)
      data_objects (~> 0.10.1)
      dm-core (~> 1.0.0)
    dm-migrations (1.0.0)
      dm-core (~> 1.0.0)
    dm-postgres-adapter (1.0.0)
      dm-do-adapter (~> 1.0.0)
      do_postgres (~> 0.10.2)
    dm-sqlite-adapter (1.0.0)
      dm-do-adapter (~> 1.0.0)
      do_sqlite3 (~> 0.10.2)
    dm-sweatshop (1.0.0)
      dm-core (~> 1.0.0)
      randexp (~> 0.1.5)
    dm-timestamps (1.0.0)
      dm-core (~> 1.0.0)
    dm-types (1.0.0)
      dm-core (~> 1.0.0)
      fastercsv (~> 1.5.3)
      json_pure (~> 1.4.3)
      stringex (~> 1.1.0)
      uuidtools (~> 2.1.1)
    dm-validations (1.0.0)
      dm-core (~> 1.0.0)
    do_postgres (0.10.2)
      data_objects (= 0.10.2)
    do_sqlite3 (0.10.2)
      data_objects (= 0.10.2)
    eventmachine (0.12.10)
    extlib (0.9.15)
    fastercsv (1.5.3)
    gherkin (2.1.5)
      trollop (~> 1.16.2)
    haml (2.2.17)
    hpricot (0.8.2)
    json (1.1.9)
    json_pure (1.4.6)
    linecache (0.43)
    mailfactory (1.4.0)
      mime-types (>= 1.13.1)
    mime-types (1.16)
    mocha (0.9.8)
      rake
    nap (0.4)
    nokogiri (1.4.3.1)
    pg (0.9.0)
    rack (1.1.0)
    rack-test (0.5.0)
    rake (0.8.7)
    randexp (0.1.5)
      ParseTree
    redgreen (1.2.2)
    rr (1.0.0)
    rspec (2.0.0.beta.22)
      rspec-core (= 2.0.0.beta.22)
      rspec-expectations (= 2.0.0.beta.22)
      rspec-mocks (= 2.0.0.beta.22)
    rspec-core (2.0.0.beta.22)
    rspec-expectations (2.0.0.beta.22)
      diff-lcs (>= 1.1.2)
    rspec-mocks (2.0.0.beta.22)
      rspec-core (= 2.0.0.beta.22)
      rspec-expectations (= 2.0.0.beta.22)
    ruby-debug (0.10.3)
      columnize (>= 0.1)
      ruby-debug-base (~> 0.10.3.0)
    ruby-debug-base (0.10.3)
      linecache (>= 0.3)
    rumbster (1.0.0)
    sexp_processor (3.0.5)
    shout-bot (0.0.4)
      addressable
    sinatra (1.0)
      rack (>= 1.0)
    sinatra-authorization (1.0.0)
      sinatra (>= 0.9.1.1)
    sinatra-ditties (0.0.2)
      mailfactory (>= 1.4.0)
      sinatra (>= 0.3.2)
      tlsmail
    sqlite3-ruby (1.3.1)
    stringex (1.1.0)
    term-ansicolor (1.0.5)
    thin (1.2.7)
      daemons (>= 1.0.9)
      eventmachine (>= 0.12.6)
      rack (>= 1.0.0)
    thor (0.9.9)
    tlsmail (0.0.1)
    trollop (1.16.2)
    turn (0.8.1)
      ansi (>= 1.2.2)
    uuidtools (2.1.1)
    webmock (1.3.5)
      addressable (>= 2.1.1)
      crack (>= 0.1.7)
    webrat (0.6.0)
      nokogiri (>= 1.2.0)
      rack (>= 1.0)

PLATFORMS
  ruby

DEPENDENCIES
  ParseTree
  addressable (= 2.1.1)
  bcat (~> 0.5)
  bcrypt-ruby (= 2.1.2)
  broach
  bunny
  contest
  cucumber
  data_objects (= 0.10.2)
  delayed_job
  dm-aggregates (= 1.0.0)
  dm-core (= 1.0.0)
  dm-migrations (= 1.0.0)
  dm-postgres-adapter (= 1.0.0)
  dm-sqlite-adapter (= 1.0.0)
  dm-sweatshop
  dm-timestamps (= 1.0.0)
  dm-types (= 1.0.0)
  dm-validations (= 1.0.0)
  do_postgres (= 0.10.2)
  do_sqlite3 (= 0.10.2)
  extlib (= 0.9.15)
  haml (= 2.2.17)
  hpricot
  json (= 1.1.9)
  mocha
  nap
  nokogiri
  pg
  rack (= 1.1.0)
  rack-test (= 0.5.0)
  rake
  randexp
  redgreen
  rr
  rspec (~> 2.0.0.beta.17)
  ruby-debug
  rumbster
  shout-bot
  sinatra (= 1.0.0)
  sinatra-authorization (= 1.0.0)
  sinatra-ditties
  sqlite3-ruby
  thin
  thor (= 0.9.9)
  turn
  uuidtools (= 2.1.1)
  webmock
  webrat
